GEM
  remote: https://rubygems.org/
  specs:
    rack (3.0.4.1)
    rackup (2.1.0)
      rack (>= 3)
      webrick (~> 1.8)
    roda (3.64.0)
      rack
    webrick (1.8.1)

PLATFORMS
  x86_64-linux

DEPENDENCIES
  rack
  rackup
  roda
  webrick

BUNDLED WITH
   2.4.6
